GEM
  remote: https://rubygems.org/
  specs:
    icalendar (2.10.1)
      ice_cube (~> 0.16)
    ice_cube (0.16.4)

PLATFORMS
  x86_64-darwin-21

DEPENDENCIES
  icalendar (~> 2.10)

BUNDLED WITH
   2.3.26
